PATH
  remote: .
  specs:
    find_as_hashes (0.3.0)
      activerecord

GEM
  remote: http://rubygems.org/
  specs:
    activemodel (3.1.0)
      activesupport (= 3.1.0)
      bcrypt-ruby (~> 3.0.0)
      builder (~> 3.0.0)
      i18n (~> 0.6)
    activerecord (3.1.0)
      activemodel (= 3.1.0)
      activesupport (= 3.1.0)
      arel (~> 2.2.1)
      tzinfo (~> 0.3.29)
    activeresource (3.1.0)
      activemodel (= 3.1.0)
      activesupport (= 3.1.0)
    activesupport (3.1.0)
      multi_json (~> 1.0)
    ansi (1.4.3)
    arel (2.2.3)
    bcrypt-ruby (3.0.1)
    builder (3.0.4)
    fakeweb (1.3.0)
    i18n (0.6.1)
    multi_json (1.0.3)
    rake (0.9.2)
    shoulda (2.11.3)
    sqlite3 (1.3.4)
    turn (0.9.6)
      ansi
    tzinfo (0.3.35)

PLATFORMS
  ruby

DEPENDENCIES
  activeresource
  activesupport
  bundler
  fakeweb
  find_as_hashes!
  rake
  shoulda
  sqlite3
  turn
