PATH
  remote: .
  specs:
    find_as_hashes (0.6.0)
      activerecord

GEM
  remote: http://rubygems.org/
  specs:
    activemodel (4.0.5)
      activesupport (= 4.0.5)
      builder (~> 3.1.0)
    activerecord (4.0.5)
      activemodel (= 4.0.5)
      activerecord-deprecated_finders (~> 1.0.2)
      activesupport (= 4.0.5)
      arel (~> 4.0.0)
    activerecord-deprecated_finders (1.0.4)
    activeresource (4.0.0)
      activemodel (~> 4.0)
      activesupport (~> 4.0)
      rails-observers (~> 0.1.1)
    activesupport (4.0.5)
      i18n (~> 0.6, >= 0.6.9)
      minitest (~> 4.2)
      multi_json (~> 1.3)
      thread_safe (~> 0.1)
      tzinfo (~> 0.3.37)
    ansi (1.4.3)
    appraisal (1.0.0)
      bundler
      rake
      thor (>= 0.14.0)
    arel (4.0.2)
    builder (3.1.4)
    fakeweb (1.3.0)
    i18n (0.6.9)
    minitest (4.7.5)
    multi_json (1.10.1)
    power_assert (0.2.2)
    rails-observers (0.1.2)
      activemodel (~> 4.0)
    rake (10.3.2)
    shoulda (3.5.0)
      shoulda-context (~> 1.0, >= 1.0.1)
      shoulda-matchers (>= 1.4.1, < 3.0)
    shoulda-context (1.2.1)
    shoulda-matchers (2.6.1)
      activesupport (>= 3.0.0)
    sqlite3 (1.3.9)
    test-unit (3.0.8)
      power_assert
    thor (0.19.1)
    thread_safe (0.3.4)
    turn (0.9.7)
      ansi
      minitest (~> 4)
    tzinfo (0.3.39)

PLATFORMS
  ruby

DEPENDENCIES
  activeresource
  activesupport
  appraisal
  bundler
  fakeweb
  find_as_hashes!
  rake
  shoulda
  sqlite3
  test-unit
  turn
