PATH
  remote: .
  specs:
    find_as_hashes (0.1.1)
      activerecord (~> 3.0.0)

GEM
  remote: http://rubygems.org/
  specs:
    activemodel (3.0.10)
      activesupport (= 3.0.10)
      builder (~> 2.1.2)
      i18n (~> 0.5.0)
    activerecord (3.0.10)
      activemodel (= 3.0.10)
      activesupport (= 3.0.10)
      arel (~> 2.0.10)
      tzinfo (~> 0.3.23)
    activesupport (3.0.10)
    ansi (1.3.0)
    arel (2.0.10)
    builder (2.1.2)
    i18n (0.5.0)
    rake (0.9.2)
    shoulda (2.11.3)
    sqlite3 (1.3.4)
    turn (0.8.2)
      ansi (>= 1.2.2)
    tzinfo (0.3.29)

PLATFORMS
  ruby

DEPENDENCIES
  activesupport
  bundler
  find_as_hashes!
  rake
  shoulda
  sqlite3
  turn
